GEM
  remote: https://rubygems.org/
  specs:
    hiredis (0.4.5)
    json (1.8.0)
    redis (3.0.4)

PLATFORMS
  ruby

DEPENDENCIES
  hiredis
  json
  redis
